GEM
  remote: https://rubygems.org/
  specs:
    net-ssh (4.2.0)

PLATFORMS
  ruby

DEPENDENCIES
  net-ssh

BUNDLED WITH
   1.16.1
